GEM
  remote: https://rubygems.org/
  specs:
    clipboard (1.1.2)
    highline (2.0.0)
    sysrandom (1.0.5)
    zxcvbn-ruby (0.1.2)

PLATFORMS
  ruby

DEPENDENCIES
  clipboard
  ffi
  highline
  sysrandom
  zxcvbn-ruby

BUNDLED WITH
   1.16.6
