GEM
  remote: https://rubygems.org/
  specs:
    clipboard (1.1.1)
    highline (1.7.8)

PLATFORMS
  ruby

DEPENDENCIES
  clipboard
  highline

BUNDLED WITH
   1.12.5
