GEM
  remote: https://rubygems.org/
  specs:
    clipboard (1.1.1)
    highline (1.7.8)
    zxcvbn-ruby (0.1.1)

PLATFORMS
  ruby

DEPENDENCIES
  clipboard
  highline
  zxcvbn-ruby

BUNDLED WITH
   1.12.5
